GEM
  remote: https://rubygems.org/
  specs:
    obscenity (1.0.2)

PLATFORMS
  ruby

DEPENDENCIES
  obscenity
